GEM
  remote: https://rubygems.org/
  specs:
    nokogiri (1.16.6-arm64-darwin)
      racc (~> 1.4)
    pastel (0.8.0)
      tty-color (~> 0.5)
    racc (1.8.0)
    tty-color (0.6.0)
    tty-cursor (0.7.1)
    tty-prompt (0.23.1)
      pastel (~> 0.8)
      tty-reader (~> 0.8)
    tty-reader (0.9.0)
      tty-cursor (~> 0.7)
      tty-screen (~> 0.8)
      wisper (~> 2.0)
    tty-screen (0.8.2)
    wisper (2.0.1)

PLATFORMS
  arm64-darwin-22

DEPENDENCIES
  nokogiri
  tty-prompt

RUBY VERSION
   ruby 3.2.2p53

BUNDLED WITH
   2.4.19
