GEM
  remote: https://rubygems.org/
  specs:
    nokogiri (1.16.6-arm64-darwin)
      racc (~> 1.4)
    racc (1.8.0)

PLATFORMS
  arm64-darwin-22

DEPENDENCIES
  nokogiri

RUBY VERSION
   ruby 3.2.2p53

BUNDLED WITH
   2.4.19
